GEM
  remote: https://rubygems.org/
  specs:
    Ascii85 (1.0.2)
    addressable (2.4.0)
    afm (0.2.2)
    asciidoctor (1.5.1)
    asciidoctor-pdf (1.5.0.alpha.12)
      asciidoctor (>= 1.5.0)
      prawn (>= 1.3.0, < 3.0.0)
      prawn-icon (= 1.1.0)
      prawn-svg (= 0.25.1)
      prawn-table (= 0.2.2)
      prawn-templates (= 0.0.3)
      safe_yaml (~> 1.0.4)
      thread_safe (~> 0.3.5)
      treetop (= 1.5.3)
    coderay (1.1.1)
    css_parser (1.4.5)
      addressable
    ffi (1.9.14)
    formatador (0.2.5)
    guard (2.14.0)
      formatador (>= 0.2.4)
      listen (>= 2.7, < 4.0)
      lumberjack (~> 1.0)
      nenv (~> 0.1)
      notiffany (~> 0.0)
      pry (>= 0.9.12)
      shellany (~> 0.0)
      thor (>= 0.18.1)
    haml (4.0.7)
      tilt
    hashery (2.1.2)
    listen (3.1.5)
      rb-fsevent (~> 0.9, >= 0.9.4)
      rb-inotify (~> 0.9, >= 0.9.7)
      ruby_dep (~> 1.2)
    lumberjack (1.0.10)
    method_source (0.8.2)
    nenv (0.3.0)
    notiffany (0.1.1)
      nenv (~> 0.1)
      shellany (~> 0.0)
    pdf-core (0.6.1)
    pdf-reader (1.4.0)
      Ascii85 (~> 1.0.0)
      afm (~> 0.2.1)
      hashery (~> 2.0)
      ruby-rc4
      ttfunk
    polyglot (0.3.5)
    prawn (2.1.0)
      pdf-core (~> 0.6.1)
      ttfunk (~> 1.4.0)
    prawn-icon (1.1.0)
      prawn (>= 1.1.0, < 3.0.0)
    prawn-svg (0.25.1)
      css_parser (~> 1.3)
      prawn (>= 0.11.1, < 3)
    prawn-table (0.2.2)
      prawn (>= 1.3.0, < 3.0.0)
    prawn-templates (0.0.3)
      pdf-reader (~> 1.3)
      prawn (>= 0.15.0)
    pry (0.10.4)
      coderay (~> 1.1.0)
      method_source (~> 0.8.1)
      slop (~> 3.4)
    rb-fsevent (0.9.7)
    rb-inotify (0.9.7)
      ffi (>= 0.5.0)
    retryable-rb (1.1.0)
    ruby-rc4 (0.1.5)
    ruby_dep (1.4.0)
    rubypress (1.2.1)
      retryable-rb
    safe_yaml (1.0.4)
    shellany (0.0.1)
    slop (3.6.0)
    thor (0.19.1)
    thread_safe (0.3.5)
    tilt (2.0.5)
    treetop (1.5.3)
      polyglot (~> 0.3)
    ttfunk (1.4.0)

PLATFORMS
  ruby

DEPENDENCIES
  asciidoctor (= 1.5.1)
  asciidoctor-pdf (>= 1.5.0.alpha)
  guard
  haml
  rubypress
  thread_safe
  tilt

BUNDLED WITH
   1.12.5
